GEM
  remote: http://rubygems.org/
  remote: http://gems.github.com/
  specs:
    dalli (2.1.0)
    net-dns (0.7.1)
    whois (2.6.4)

PLATFORMS
  ruby

DEPENDENCIES
  dalli
  net-dns
  whois
